GEM
  remote: http://rubygems.org/
  specs:
    haml (3.0.25)
    nest (1.1.0)
      redis (~> 2.1)
    ohm (0.1.3)
      nest (~> 1.0)
    ohm-contrib (0.1.0)
      ohm
    rack (1.2.1)
    rdiscount (1.6.5)
    redis (2.1.1)
    shotgun (0.8)
      rack (>= 1.0)
    sinatra (1.1.2)
      rack (~> 1.1)
      tilt (~> 1.2)
    tilt (1.2.1)

PLATFORMS
  ruby

DEPENDENCIES
  haml
  ohm
  ohm-contrib
  rack
  rdiscount
  redis
  shotgun
  sinatra
